GEM
  remote: https://rubygems.org/
  specs:
    net-ping (2.0.1)

PLATFORMS
  ruby

DEPENDENCIES
  net-ping

BUNDLED WITH
   1.12.4
